GEM
  remote: http://rubygems.org/
  specs:
    CFPropertyList (3.0.7)
      base64
      nkf
      rexml
    activesupport (5.2.8.1)
      concurrent-ruby (~> 1.0, >= 1.0.2)
      i18n (>= 0.7, < 2)
      minitest (~> 5.1)
      tzinfo (~> 1.1)
    atomos (0.1.3)
    base64 (0.2.0)
    claide (1.1.0)
    clamp (1.3.2)
    coderay (1.1.3)
    colored2 (3.1.2)
    concurrent-ruby (1.3.1)
    domain_name (0.5.20190701)
      unf (>= 0.0.5, < 1.0.0)
    fourflusher (2.3.1)
    http-accept (1.7.0)
    http-cookie (1.0.3)
      domain_name (~> 0.5)
    i18n (1.14.5)
      concurrent-ruby (~> 1.0)
    method_source (1.0.0)
    mime-types (3.3.1)
      mime-types-data (~> 3.2015)
    mime-types-data (3.2021.0225)
    mini_portile2 (2.8.6)
    minitest (5.23.1)
    nanaimo (0.3.0)
    netrc (0.11.0)
    nkf (0.2.0)
    nokogiri (1.15.6)
      mini_portile2 (~> 2.8.2)
      racc (~> 1.4)
    nokogiri (1.15.6-x86_64-darwin)
      racc (~> 1.4)
    pry (0.14.1)
      coderay (~> 1.1)
      method_source (~> 1.0)
    racc (1.8.0)
    rake (13.0.3)
    rest-client (2.1.0)
      http-accept (>= 1.7.0, < 2.0)
      http-cookie (>= 1.0.2, < 2.0)
      mime-types (>= 1.16, < 4.0)
      netrc (~> 0.8)
    rexml (3.2.8)
      strscan (>= 3.0.9)
    rouge (2.0.7)
    slather (2.8.0)
      CFPropertyList (>= 2.2, < 4)
      activesupport
      clamp (~> 1.3)
      nokogiri (>= 1.14.3)
      xcodeproj (~> 1.21)
    strscan (3.1.0)
    thread_safe (0.3.6)
    tzinfo (1.2.11)
      thread_safe (~> 0.1)
    unf (0.1.4)
      unf_ext
    unf_ext (0.0.7.7)
    xcodeproj (1.24.0)
      CFPropertyList (>= 2.3.3, < 4.0)
      atomos (~> 0.1.3)
      claide (>= 1.0.2, < 2.0)
      colored2 (~> 3.1)
      nanaimo (~> 0.3.0)
      rexml (~> 3.2.4)
    xcpretty (0.3.0)
      rouge (~> 2.0.7)

PLATFORMS
  ruby
  x86_64-darwin-19

DEPENDENCIES
  activesupport (~> 5.0)
  fourflusher
  pry
  rake
  rest-client
  slather (>= 2.7.2)
  xcpretty

BUNDLED WITH
   2.1.4
